GEM
  remote: https://rubygems.org/
  specs:
    aws-eventstream (1.3.0)
    aws-partitions (1.1020.0)
    aws-sdk-core (3.214.0)
      aws-eventstream (~> 1, >= 1.3.0)
      aws-partitions (~> 1, >= 1.992.0)
      aws-sigv4 (~> 1.9)
      jmespath (~> 1, >= 1.6.1)
    aws-sdk-transcribestreamingservice (1.72.0)
      aws-sdk-core (~> 3, >= 3.210.0)
      aws-sigv4 (~> 1.5)
    aws-sdk-translate (1.77.0)
      aws-sdk-core (~> 3, >= 3.210.0)
      aws-sigv4 (~> 1.5)
    aws-sigv4 (1.10.1)
      aws-eventstream (~> 1, >= 1.0.2)
    base64 (0.2.0)
    faraday (2.12.2)
      faraday-net_http (>= 2.0, < 3.5)
      json
      logger
    faraday-net_http (3.4.0)
      net-http (>= 0.5.0)
    http-2 (1.0.2)
    jmespath (1.6.2)
    json (2.9.1)
    logger (1.6.5)
    net-http (0.6.0)
      uri
    uri (1.0.2)

PLATFORMS
  ruby

DEPENDENCIES
  aws-sdk-transcribestreamingservice
  aws-sdk-translate
  base64
  faraday
  http-2

BUNDLED WITH
   2.5.11
